GEM
  remote: https://rubygems.org/
  specs:
    backports (3.6.8)
    daemons (1.2.3)
    eventmachine (1.2.0.1)
    json (1.8.3)
    multi_json (1.12.0)
    rack (1.6.4)
    rack-protection (1.5.3)
      rack
    rack-test (0.6.3)
      rack (>= 1.0)
    shodan (1.0.0)
      json (>= 1.4.6)
    sinatra (1.4.7)
      rack (~> 1.5)
      rack-protection (~> 1.4)
      tilt (>= 1.3, < 3)
    sinatra-contrib (1.4.7)
      backports (>= 2.0)
      multi_json
      rack-protection
      rack-test
      sinatra (~> 1.4.0)
      tilt (>= 1.3, < 3)
    slim (3.0.6)
      temple (~> 0.7.3)
      tilt (>= 1.3.3, < 2.1)
    temple (0.7.6)
    thin (1.6.4)
      daemons (~> 1.0, >= 1.0.9)
      eventmachine (~> 1.0, >= 1.0.4)
      rack (~> 1.0)
    tilt (2.0.3)

PLATFORMS
  ruby

DEPENDENCIES
  shodan
  sinatra
  sinatra-contrib
  slim
  thin

BUNDLED WITH
   1.12.3
